GEM
  remote: https://rubygems.org/
  specs:
    amq-protocol (1.9.2)
    bunny (1.5.0)
      amq-protocol (>= 1.9.2)

PLATFORMS
  ruby

DEPENDENCIES
  bunny

RUBY VERSION
   ruby 2.6.0p0

BUNDLED WITH
   1.17.2
